GIT
  remote: https://github.com/livingsocial/rake-pipeline.git
  revision: b70ca6cad7655e58d13031f3e24df7dfc74f9030
  specs:
    rake-pipeline (0.6.0)
      rake (~> 0.9.0)
      thor

GIT
  remote: https://github.com/wycats/rake-pipeline-web-filters.git
  revision: ba0b8a00356b4c854930a8e849b5629d51ffd70f
  specs:
    rake-pipeline-web-filters (0.6.0)
      rack
      rake-pipeline (~> 0.6)

GEM
  remote: http://rubygems.org/
  specs:
    execjs (1.3.0)
      multi_json (~> 1.0)
    multi_json (1.2.0)
    rack (1.4.1)
    rake (0.9.2.2)
    thor (0.14.6)
    uglifier (1.0.4)
      execjs (>= 0.3.0)
      multi_json (>= 1.0.2)

PLATFORMS
  ruby

DEPENDENCIES
  rake-pipeline!
  rake-pipeline-web-filters!
  uglifier (~> 1.0.3)
